GEM
  remote: https://rubygems.org/
  specs:
    hologram (1.4.0)
      redcarpet (>= 2.2, < 4.0)
      rouge (>= 1.5)
    rake (12.0.0)
    redcarpet (3.4.0)
    rouge (2.0.7)
    sass (3.4.23)
    scss_lint (0.52.0)
      rake (>= 0.9, < 13)
      sass (~> 3.4.20)
    slim (3.0.7)
      temple (~> 0.7.6)
      tilt (>= 1.3.3, < 2.1)
    temple (0.7.7)
    tilt (2.0.7)

PLATFORMS
  ruby

DEPENDENCIES
  hologram (~> 1.4)
  scss_lint (~> 0.52)
  slim (~> 3.0)

BUNDLED WITH
   1.13.7
